GEM
  remote: https://rubygems.org/
  specs:
    daemons (1.3.1)
    eventmachine (1.2.7)
    mustermann (1.0.3)
    rack (2.0.7)
    rack-protection (2.0.7)
      rack
    rake (13.0.0)
    rgeo (2.1.1)
    rgeo-proj4 (2.0.0)
      rgeo (~> 2.0)
    sinatra (2.0.7)
      mustermann (~> 1.0)
      rack (~> 2.0)
      rack-protection (= 2.0.7)
      tilt (~> 2.0)
    slim (4.0.1)
      temple (>= 0.7.6, < 0.9)
      tilt (>= 2.0.6, < 2.1)
    temple (0.8.2)
    thin (1.7.2)
      daemons (~> 1.0, >= 1.0.9)
      eventmachine (~> 1.0, >= 1.0.4)
      rack (>= 1, < 3)
    tilt (2.0.10)

PLATFORMS
  ruby

DEPENDENCIES
  rake (~> 13.0)
  rgeo (~> 2.1)
  rgeo-proj4 (~> 2.0)
  sinatra (~> 2.0)
  slim (~> 4.0)
  thin (~> 1.7)

RUBY VERSION
   ruby 2.6.5p114

BUNDLED WITH
   2.0.2
