GEM
  remote: https://rubygems.org/
  specs:
    base64 (0.3.0)
    logger (1.7.0)
    mustermann (3.0.4)
      ruby2_keywords (~> 0.0.1)
    rack (3.2.3)
    rack-protection (4.2.0)
      base64 (>= 0.1.0)
      logger (>= 1.6.0)
      rack (>= 3.0.0, < 4)
    rack-session (2.1.1)
      base64 (>= 0.1.0)
      rack (>= 3.0.0)
    rake (13.0.6)
    rgeo (3.0.0)
    rgeo-proj4 (4.0.0)
      rgeo (~> 3.0.0)
    ruby2_keywords (0.0.5)
    sinatra (4.2.0)
      logger (>= 1.6.0)
      mustermann (~> 3.0)
      rack (>= 3.0.0, < 4)
      rack-protection (= 4.2.0)
      rack-session (>= 2.0.0, < 3)
      tilt (~> 2.0)
    slim (5.1.1)
      temple (~> 0.10.0)
      tilt (>= 2.1.0)
    temple (0.10.2)
    tilt (2.6.1)
    webrick (1.8.2)

PLATFORMS
  ruby

DEPENDENCIES
  rake (~> 13.0)
  rgeo (~> 3.0)
  rgeo-proj4 (~> 4.0)
  sinatra (~> 4.2)
  slim (~> 5.1)
  webrick (~> 1.8)

RUBY VERSION
   ruby 3.2.2p53

BUNDLED WITH
   2.4.12
