GEM
  remote: https://rubygems.org/
  specs:
    mustermann (3.0.0)
      ruby2_keywords (~> 0.0.1)
    rack (2.2.6.4)
    rack-protection (3.0.5)
      rack
    rake (13.0.6)
    rgeo (3.0.0)
    rgeo-proj4 (4.0.0)
      rgeo (~> 3.0.0)
    ruby2_keywords (0.0.5)
    sinatra (3.0.5)
      mustermann (~> 3.0)
      rack (~> 2.2, >= 2.2.4)
      rack-protection (= 3.0.5)
      tilt (~> 2.0)
    slim (5.1.0)
      temple (~> 0.10.0)
      tilt (>= 2.0.6, < 2.2)
    temple (0.10.0)
    tilt (2.1.0)
    webrick (1.8.1)

PLATFORMS
  ruby

DEPENDENCIES
  rake (~> 13.0)
  rgeo (~> 3.0)
  rgeo-proj4 (~> 4.0)
  sinatra (~> 3.0)
  slim (~> 5.1)
  webrick (~> 1.8)

RUBY VERSION
   ruby 3.2.2p53

BUNDLED WITH
   2.4.10
