GEM
  remote: https://rubygems.org/
  specs:
    mustermann (3.0.0)
      ruby2_keywords (~> 0.0.1)
    rack (2.2.6.2)
    rack-protection (3.0.5)
      rack
    rake (13.0.6)
    rgeo (2.4.0)
    rgeo-proj4 (3.1.1)
      rgeo (~> 2.0)
    ruby2_keywords (0.0.5)
    sinatra (3.0.5)
      mustermann (~> 3.0)
      rack (~> 2.2, >= 2.2.4)
      rack-protection (= 3.0.5)
      tilt (~> 2.0)
    slim (4.1.0)
      temple (>= 0.7.6, < 0.9)
      tilt (>= 2.0.6, < 2.1)
    temple (0.8.2)
    tilt (2.0.11)
    webrick (1.7.0)

PLATFORMS
  ruby

DEPENDENCIES
  rake (~> 13.0)
  rgeo (~> 2.4)
  rgeo-proj4 (~> 3.1)
  sinatra (~> 3.0)
  slim (~> 4.1)
  webrick (~> 1.7)

RUBY VERSION
   ruby 3.2.0p0

BUNDLED WITH
   2.4.1
